GIT
  remote: git://github.com/fastred/things-client.git
  revision: 29ae8ab
  specs:
    things-client (0.2.2)
      rb-appscript (>= 0.5.3)

GEM
  remote: http://rubygems.org/
  specs:
    crack (0.1.6)
    hashie (0.2.2)
    httparty (0.5.2)
      crack (= 0.1.6)
    rb-appscript (0.5.3)
    teambox-client (0.2.0)
      hashie (~> 0.2.0)
      httparty (~> 0.5.0)
      yajl-ruby (~> 0.7.0)
    yajl-ruby (0.7.7)

PLATFORMS
  ruby

DEPENDENCIES
  teambox-client
  things-client!
