GIT
  remote: git://github.com/teambox/teambox-ruby-client.git
  revision: e931ce47d26868b805f3fdcc85db1e5f1af88c76
  specs:
    teambox-client (0.3.2)
      httparty (~> 0.7.4)
      json (~> 1.5.1)
      oauth2 (~> 0.1.1)

GEM
  remote: http://rubygems.org/
  specs:
    addressable (2.2.5)
    crack (0.1.8)
    diff-lcs (1.1.2)
    faraday (0.5.7)
      addressable (~> 2.2.4)
      multipart-post (~> 1.1.0)
      rack (>= 1.1.0, < 2)
    httparty (0.7.7)
      crack (= 0.1.8)
    json (1.5.1)
    multi_json (0.0.5)
    multipart-post (1.1.0)
    oauth2 (0.1.1)
      faraday (~> 0.5.0)
      multi_json (~> 0.0.4)
    rack (1.2.2)
    rb-appscript (0.6.1)
    rspec (2.6.0.rc2)
      rspec-core (= 2.6.0.rc2)
      rspec-expectations (= 2.6.0.rc2)
      rspec-mocks (= 2.6.0.rc2)
    rspec-core (2.6.0.rc2)
    rspec-expectations (2.6.0.rc2)
      diff-lcs (~> 1.1.2)
    rspec-mocks (2.6.0.rc2)
    things-client (0.2.4)
      rb-appscript (>= 0.5.3)

PLATFORMS
  ruby

DEPENDENCIES
  rspec (>= 2.0.0.beta.20)
  teambox-client (= 0.3.2)!
  things-client (= 0.2.4)
